GEM
  remote: http://rubygems.org/
  specs:
    backports (3.6.8)
    bcrypt (3.1.7)
    byebug (9.0.6)
    daemons (1.1.9)
    dotenv (2.0.0)
    eventmachine (1.0.4)
    foreman (0.82.0)
      thor (~> 0.19.1)
    highline (1.7.8)
    httparty (0.15.6)
      multi_xml (>= 0.5.2)
    multi_xml (0.6.0)
    rack (1.6.9)
    rack-protection (1.5.5)
      rack
    rack-test (0.6.2)
      rack (>= 1.0)
    rake (10.4.2)
    redis (3.0.7)
    sinatra (1.3.6)
      rack (~> 1.4)
      rack-protection (~> 1.3)
      tilt (~> 1.3, >= 1.3.3)
    sinatra-contrib (1.3.2)
      backports (>= 2.0)
      eventmachine
      rack-protection
      rack-test
      sinatra (~> 1.3.0)
      tilt (~> 1.3)
    thin (1.6.4)
      daemons (~> 1.0, >= 1.0.9)
      eventmachine (~> 1.0, >= 1.0.4)
      rack (~> 1.0)
    thor (0.19.1)
    tilt (1.4.1)

PLATFORMS
  ruby

DEPENDENCIES
  bcrypt
  byebug
  dotenv
  foreman
  highline
  httparty
  rake
  redis
  sinatra
  sinatra-contrib
  thin

BUNDLED WITH
   1.15.3
